GEM
  remote: https://rubygems.org/
  specs:
    closure-compiler (1.1.8)
    execjs (1.4.0)
      multi_json (~> 1.0)
    hike (1.2.1)
    multi_json (1.6.1)
    rack (1.4.5)
    rake (10.0.3)
    sass (3.2.7)
    sprockets (2.2.2)
      hike (~> 1.2)
      multi_json (~> 1.0)
      rack (~> 1.0)
      tilt (~> 1.1, != 1.3.0)
    tilt (1.3.5)
    uglifier (1.3.0)
      execjs (>= 0.3.0)
      multi_json (~> 1.0, >= 1.0.2)

PLATFORMS
  ruby

DEPENDENCIES
  closure-compiler (>= 1.1.8)
  rake
  sass
  sprockets (>= 2.1)
  uglifier (>= 1.2)
