GEM
  remote: https://rubygems.org/
  specs:
    closure-compiler (1.1.10)
    execjs (1.4.0)
      multi_json (~> 1.0)
    hike (1.2.2)
    multi_json (1.7.5)
    rack (1.5.2)
    rake (10.0.4)
    sass (3.2.9)
    sprockets (2.10.0)
      hike (~> 1.2)
      multi_json (~> 1.0)
      rack (~> 1.0)
      tilt (~> 1.1, != 1.3.0)
    tilt (1.4.1)
    uglifier (2.1.1)
      execjs (>= 0.3.0)
      multi_json (~> 1.0, >= 1.0.2)

PLATFORMS
  ruby

DEPENDENCIES
  closure-compiler (>= 1.1.8)
  rake
  sass
  sprockets (>= 2.1)
  uglifier (>= 1.2)
